GEM
  remote: https://rubygems.org/
  specs:
    dotenv (2.7.6)

PLATFORMS
  x86_64-darwin-20

DEPENDENCIES
  dotenv

RUBY VERSION
   ruby 2.7.1p83

BUNDLED WITH
   2.2.16
